PATH
  remote: .
  specs:
    guard-minitest (0.2.0)
      guard

GEM
  remote: http://rubygems.org/
  specs:
    ffi (0.6.3)
      rake (>= 0.8.7)
    growl (1.0.3)
    guard (0.1.1)
      bundler (~> 1.0.2)
      growl (~> 1.0.3)
      libnotify (~> 0.1.3)
      rb-inotify (~> 0.8.1)
      sys-uname (~> 0.8.4)
      thor (~> 0.14.3)
    libnotify (0.1.4)
      ffi (>= 0.6.2)
    minitest (1.7.2)
    mocha (0.9.8)
      rake
    rake (0.8.7)
    rb-inotify (0.8.1)
      ffi (>= 0.5.0)
    sys-uname (0.8.4)
    thor (0.14.3)

PLATFORMS
  ruby

DEPENDENCIES
  bundler (~> 1.0.2)
  guard
  guard-minitest!
  minitest (~> 1.7.0)
  mocha (~> 0.9.8)
